PATH
  remote: .
  specs:
    blake3-rb (1.5.5.pre1)
      rb_sys (~> 0.9)

GEM
  remote: https://rubygems.org/
  specs:
    ast (2.4.2)
    base64 (0.2.0)
    benchmark-ips (2.14.0)
    json (2.9.1)
    language_server-protocol (3.17.0.3)
    minitest (5.25.4)
    minitest-focus (1.4.0)
      minitest (>= 4, < 6)
    parallel (1.26.3)
    parser (3.3.6.0)
      ast (~> 2.4.1)
      racc
    racc (1.8.1)
    rainbow (3.1.1)
    rake (13.2.1)
    rake-compiler (1.2.9)
      rake
    rb_sys (0.9.107)
    regexp_parser (2.10.0)
    rubocop (1.70.0)
      json (~> 2.3)
      language_server-protocol (>= 3.17.0)
      parallel (~> 1.10)
      parser (>= 3.3.0.2)
      rainbow (>= 2.2.2, < 4.0)
      regexp_parser (>= 2.9.3, < 3.0)
      rubocop-ast (>= 1.36.2, < 2.0)
      ruby-progressbar (~> 1.7)
      unicode-display_width (>= 2.4.0, < 4.0)
    rubocop-ast (1.37.0)
      parser (>= 3.3.1.0)
    rubocop-shopify (2.15.1)
      rubocop (~> 1.51)
    ruby-progressbar (1.13.0)
    unicode-display_width (3.1.3)
      unicode-emoji (~> 4.0, >= 4.0.4)
    unicode-emoji (4.0.4)

PLATFORMS
  aarch64-linux
  arm64-darwin
  arm64-darwin-22
  x64-mingw-ucrt
  x86_64-darwin
  x86_64-linux
  x86_64-linux-musl

DEPENDENCIES
  base64 (~> 0.2.0)
  benchmark-ips
  blake3-rb!
  minitest
  minitest-focus
  rake
  rake-compiler
  rb_sys
  rubocop
  rubocop-shopify

BUNDLED WITH
   2.6.2
