PATH
  remote: .
  specs:
    digest-blake3 (0.1.0)
      rb_sys (~> 0.9)

GEM
  remote: https://rubygems.org/
  specs:
    benchmark-ips (2.12.0)
    minitest (5.20.0)
    minitest-focus (1.4.0)
      minitest (>= 4, < 6)
    rake (13.0.6)
    rake-compiler (1.2.5)
      rake
    rb_sys (0.9.82)

PLATFORMS
  aarch64-linux
  arm64-darwin
  arm64-darwin-22
  x64-mingw-ucrt
  x86_64-darwin
  x86_64-linux
  x86_64-linux-musl

DEPENDENCIES
  benchmark-ips (~> 2.12)
  digest-blake3!
  minitest
  minitest-focus (~> 1.4)
  rake
  rake-compiler
  rb_sys

BUNDLED WITH
   2.4.4
